ObjectType = Image
NDims = 3
BinaryData = True
BinaryDataByteOrderMSB = False
CompressedData = True
CompressedDataSize = 1147
TransformMatrix = 1 0 0 0 1 0 0 0 1
Offset = -12.8471 -9.99 -9.99
CenterOfRotation = 0 0 0
ElementSpacing = 0.1 0.1 0.1
DimSize = 29 200 200
AnatomicalOrientation = ???
ElementType = MET_UCHAR
ElementDataFile = YoloSwag0.zraw
